PATH
  remote: .
  specs:
    rubyplex (2.0.0)
      faraday
      json

GEM
  remote: https://rubygems.org/
  specs:
    addressable (2.7.0)
      public_suffix (>= 2.0.2, < 5.0)
    crack (0.4.3)
      safe_yaml (~> 1.0.0)
    faraday (1.2.0)
      multipart-post (>= 1.2, < 3)
      ruby2_keywords
    hashdiff (1.0.0)
    json (2.5.1)
    minitest (5.11.3)
    multipart-post (2.1.1)
    public_suffix (4.0.2)
    rake (10.5.0)
    ruby2_keywords (0.0.2)
    safe_yaml (1.0.5)
    webmock (3.7.6)
      addressable (>= 2.3.6)
      crack (>= 0.3.2)
      hashdiff (>= 0.4.0, < 2.0.0)

PLATFORMS
  ruby

DEPENDENCIES
  bundler
  minitest (~> 5.0)
  rake (~> 10.0)
  rubyplex!
  webmock

BUNDLED WITH
   2.2.3
